GEM
  remote: http://www.rubygems.org/
  specs:
    diff-lcs (1.2.1)
    rspec (2.13.0)
      rspec-core (~> 2.13.0)
      rspec-expectations (~> 2.13.0)
      rspec-mocks (~> 2.13.0)
    rspec-core (2.13.0)
    rspec-expectations (2.13.0)
      diff-lcs (>= 1.1.3, < 2.0)
    rspec-mocks (2.13.0)
    simple_delegator (0.0.2)

PLATFORMS
  ruby
  x86-mingw32

DEPENDENCIES
  rspec
  simple_delegator (~> 0.0.2)
